PATH
  remote: .
  specs:
    frankenpins (0.2.0)
      unobservable (>= 0.11.0)
      wiringpi2 (>= 2.0.0)

GEM
  remote: https://rubygems.org/
  specs:
    unobservable (0.11.0)
    wiringpi2 (2.0.1)

PLATFORMS
  ruby

DEPENDENCIES
  frankenpins!
